GEM
  remote: https://rubygems.org/
  specs:
    git-version-bump (0.15.1)
    parslet (1.8.2)
    rack (1.6.4)
    rack-contrib (1.4.0)
      git-version-bump (~> 0.15)
      rack (~> 1.4)
    rack-rewrite (1.5.1)
    rack-slashenforce (0.0.3)
      rack
    toml (0.2.0)
      parslet (~> 1.8.0)

PLATFORMS
  ruby

DEPENDENCIES
  rack
  rack-contrib
  rack-rewrite (~> 1.5.0)
  rack-slashenforce
  toml

BUNDLED WITH
   1.16.3
