GEM
  remote: https://rubygems.org/
  specs:
    blankslate (3.1.3)
    parslet (1.7.1)
      blankslate (>= 2.0, <= 4.0)
    toml (0.0.4)
      parslet

PLATFORMS
  ruby

DEPENDENCIES
  toml (~> 0.0.3)

BUNDLED WITH
   1.13.0
